GIT
  remote: https://github.com/paxa/process_memory
  revision: 282c75336a4a6b92207cd1eaa57f20887b92601e
  specs:
    process_memory (0.1)

GIT
  remote: https://github.com/randym/axlsx.git
  revision: 8e7b4b3b7259103452c191f73ce0bf64f66033fe
  specs:
    axlsx (3.0.0.pre)
      htmlentities (~> 4.3, >= 4.3.4)
      mimemagic (~> 0.3)
      nokogiri (~> 1.8, >= 1.8.2)
      rubyzip (~> 1.2, >= 1.2.1)

GIT
  remote: https://github.com/roo-rb/roo.git
  revision: d416f1520c50bbab160ca2ed9a49498fcc3edf50
  tag: v2.8.3
  specs:
    roo (2.8.3)
      nokogiri (~> 1)
      rubyzip (>= 1.3.0, < 3.0.0)

GEM
  remote: https://rubygems.org/
  specs:
    ansi (1.5.0)
    benchmark-ips (2.8.2)
    builder (3.2.4)
    ffi (1.13.1)
    ffi_gen (1.2.0)
      ffi (~> 1.0)
    htmlentities (4.3.4)
    mimemagic (0.3.5)
    mini_portile2 (2.4.0)
    minitest (5.14.2)
    minitest-reporters (1.4.2)
      ansi
      builder
      minitest (>= 5.0)
      ruby-progressbar
    nokogiri (1.10.10)
      mini_portile2 (~> 2.4.0)
    rake (13.0.1)
    ruby-progressbar (1.10.1)
    rubyzip (1.3.0)
    write_xlsx (0.85.7)
      rubyzip (>= 1.0.0)
      zip-zip
    xlsxtream (2.4.0)
      zip_tricks (>= 4.5, < 6)
    zip-zip (0.3)
      rubyzip (>= 1.0.0)
    zip_tricks (5.3.1)

PLATFORMS
  ruby
  x86_64-linux

DEPENDENCIES
  axlsx!
  benchmark-ips
  ffi
  ffi_gen
  minitest
  minitest-reporters
  process_memory!
  rake
  roo (= 2.8.3)!
  write_xlsx
  xlsxtream

BUNDLED WITH
   2.2.2
